PATH
  remote: .
  specs:
    atlas_scientific (0.1.0)

GEM
  remote: https://rubygems.org/
  specs:
    minitest (5.12.2)
    rake (10.5.0)

PLATFORMS
  ruby

DEPENDENCIES
  atlas_scientific!
  bundler (~> 2.0)
  minitest (~> 5.0)
  rake (~> 10.0)

BUNDLED WITH
   2.0.1
